GEM
  remote: https://rubygems.org/
  specs:
    bcrypt (3.1.12-x64-mingw32)
    mustermann (1.0.2)
    pg (1.0.0-x64-mingw32)
    rack (2.0.5)
    rack-protection (2.0.3)
      rack
    sinatra (2.0.3)
      mustermann (~> 1.0)
      rack (~> 2.0)
      rack-protection (= 2.0.3)
      tilt (~> 2.0)
    tilt (2.0.8)

PLATFORMS
  x64-mingw32

DEPENDENCIES
  bcrypt
  pg
  sinatra

BUNDLED WITH
   1.16.2
